GIT
  remote: https://github.com/travis-ci/travis-lock
  revision: faf5eef9f607505921d821e6cdf829583d630063
  specs:
    travis-lock (0.1.1)

GEM
  remote: https://rubygems.org/
  specs:
    redis (4.1.3)
    redlock (1.1.0)
      redis (>= 3.0.0, < 5.0)

PLATFORMS
  ruby

DEPENDENCIES
  redlock
  travis-lock!

RUBY VERSION
   ruby 2.6.3p62

BUNDLED WITH
   2.0.1
